FRAMEWORK: NET46
NUGET
  remote: https://www.nuget.org/api/v2
    FAKE (4.41.5)
    FsCheck (2.6.2)
      FSharp.Core (>= 3.1.2.5)
    FSharp.Core (4.0.0.1)
    Suave (2.5.6)
      FSharp.Core (>= 4.5.5)
