RESTRICTION: == net46
NUGET
  remote: https://www.nuget.org/api/v2
    Expecto (9.0.0)
    FAKE (4.41.5)
    FSharp.Core (4.7.1)
    Suave (2.5.6)
    Suave.Testing (2.2.1)
      Expecto (>= 4.0.3)
      FSharp.Core (>= 4.0.0.1)
      Suave (>= 2.2.1)
    System.Net.Http (4.3.4)
      System.Security.Cryptography.X509Certificates (>= 4.3)
    System.Security.Cryptography.Algorithms (4.3.1)
      System.Security.Cryptography.Primitives (>= 4.3)
    System.Security.Cryptography.Encoding (4.3)
    System.Security.Cryptography.Primitives (4.3)
    System.Security.Cryptography.X509Certificates (4.3.2)
      System.Security.Cryptography.Algorithms (>= 4.3)
      System.Security.Cryptography.Encoding (>= 4.3)
